GEM
  remote: https://rubygems.org/
  specs:
    pg (1.0.0)
    sqlite3 (1.3.13)

PLATFORMS
  ruby

DEPENDENCIES
  pg
  sqlite3

BUNDLED WITH
   1.16.1
